GEM
  remote: http://rubygems.org/
  specs:
    diff-lcs (1.1.2)
    rb-readline (0.4.0)
    rspec (2.6.0)
      rspec-core (~> 2.6.0)
      rspec-expectations (~> 2.6.0)
      rspec-mocks (~> 2.6.0)
    rspec-core (2.6.4)
    rspec-expectations (2.6.0)
      diff-lcs (~> 1.1.2)
    rspec-mocks (2.6.0)
    state_machine (1.0.1)

PLATFORMS
  ruby

DEPENDENCIES
  rb-readline
  rspec
  state_machine
